PATH
  remote: .
  specs:
    worklog (0.1.1)
      thor (~> 1.0.1)

GEM
  remote: https://rubygems.org/
  specs:
    minitest (5.14.4)
    rake (13.0.6)
    thor (1.0.1)

PLATFORMS
  x64-mingw32

DEPENDENCIES
  minitest (~> 5.0)
  rake (~> 13.0)
  thor (~> 1.0.1)
  worklog!

BUNDLED WITH
   2.2.15
